GEM
  remote: https://rubygems.org/
  specs:
    addressable (2.7.0)
      public_suffix (>= 2.0.2, < 5.0)
    ast (2.4.1)
    concurrent-ruby (1.1.7)
    crack (0.4.4)
    docile (1.3.2)
    domain_name (0.5.20190701)
      unf (>= 0.0.5, < 1.0.0)
    dry-configurable (0.11.6)
      concurrent-ruby (~> 1.0)
      dry-core (~> 0.4, >= 0.4.7)
      dry-equalizer (~> 0.2)
    dry-container (0.7.2)
      concurrent-ruby (~> 1.0)
      dry-configurable (~> 0.1, >= 0.1.3)
    dry-core (0.4.9)
      concurrent-ruby (~> 1.0)
    dry-equalizer (0.3.0)
    dry-inflector (0.2.0)
    dry-logic (1.0.8)
      concurrent-ruby (~> 1.0)
      dry-core (~> 0.2)
      dry-equalizer (~> 0.2)
    dry-struct (1.3.0)
      dry-core (~> 0.4, >= 0.4.4)
      dry-equalizer (~> 0.3)
      dry-types (~> 1.3)
      ice_nine (~> 0.11)
    dry-types (1.4.0)
      concurrent-ruby (~> 1.0)
      dry-container (~> 0.3)
      dry-core (~> 0.4, >= 0.4.4)
      dry-equalizer (~> 0.3)
      dry-inflector (~> 0.1, >= 0.1.2)
      dry-logic (~> 1.0, >= 1.0.2)
    ffi (1.13.1)
    ffi-compiler (1.0.1)
      ffi (>= 1.0.0)
      rake
    flog (4.6.4)
      path_expander (~> 1.0)
      ruby_parser (~> 3.1, > 3.1.0)
      sexp_processor (~> 4.8)
    hashdiff (1.0.1)
    http (4.4.1)
      addressable (~> 2.3)
      http-cookie (~> 1.0)
      http-form_data (~> 2.2)
      http-parser (~> 1.2.0)
    http-cookie (1.0.3)
      domain_name (~> 0.5)
    http-form_data (2.3.0)
    http-parser (1.2.1)
      ffi-compiler (>= 1.0, < 2.0)
    ice_nine (0.11.2)
    kwalify (0.7.2)
    listen (3.2.1)
      rb-fsevent (~> 0.10, >= 0.10.3)
      rb-inotify (~> 0.9, >= 0.9.10)
    minitest (5.14.2)
    minitest-rg (5.2.0)
      minitest (~> 5.0)
    parallel (1.19.2)
    parser (2.7.2.0)
      ast (~> 2.4.1)
    path_expander (1.1.0)
    psych (3.2.0)
    public_suffix (4.0.6)
    puma (3.12.6)
    rack (2.2.3)
    rainbow (3.0.0)
    rake (13.0.1)
    rb-fsevent (0.10.4)
    rb-inotify (0.10.1)
      ffi (~> 1.0)
    reek (6.0.2)
      kwalify (~> 0.7.0)
      parser (>= 2.5.0.0, < 2.8, != 2.5.1.1)
      psych (~> 3.1)
      rainbow (>= 2.0, < 4.0)
    regexp_parser (1.8.2)
    rerun (0.13.0)
      listen (~> 3.0)
    rexml (3.2.4)
    roda (3.37.0)
      rack
    rubocop (1.1.0)
      parallel (~> 1.10)
      parser (>= 2.7.1.5)
      rainbow (>= 2.2.2, < 4.0)
      regexp_parser (>= 1.8)
      rexml
      rubocop-ast (>= 1.0.1)
      ruby-progressbar (~> 1.7)
      unicode-display_width (>= 1.4.0, < 2.0)
    rubocop-ast (1.1.0)
      parser (>= 2.7.1.5)
    ruby-progressbar (1.10.1)
    ruby_parser (3.15.0)
      sexp_processor (~> 4.9)
    sexp_processor (4.15.1)
    simplecov (0.19.0)
      docile (~> 1.1)
      simplecov-html (~> 0.11)
    simplecov-html (0.12.3)
    slim (3.0.9)
      temple (>= 0.7.6, < 0.9)
      tilt (>= 1.3.3, < 2.1)
    temple (0.8.2)
    tilt (2.0.10)
    unf (0.1.4)
      unf_ext
    unf_ext (0.0.7.7)
    unicode-display_width (1.7.0)
    vcr (6.0.0)
    webmock (3.9.3)
      addressable (>= 2.3.6)
      crack (>= 0.3.2)
      hashdiff (>= 0.4.0, < 2.0.0)

PLATFORMS
  ruby

DEPENDENCIES
  dry-struct (~> 1.3)
  dry-types (~> 1.4)
  flog
  http (~> 4.0)
  minitest (~> 5.0)
  minitest-rg (~> 5.0)
  puma (~> 3.11)
  rake
  reek
  rerun (~> 0)
  roda (~> 3.8)
  rubocop
  simplecov (~> 0)
  slim (~> 3.0)
  vcr (~> 6.0)
  webmock (~> 3.0)

BUNDLED WITH
   2.1.4
